GEM
  remote: https://rubygems.org/
  specs:
    faraday (0.15.4)
      multipart-post (>= 1.2, < 3)
    gocardless_pro (2.13.0)
      faraday (>= 0.9.2, < 1.0)
    multipart-post (2.0.0)
    rfuse (1.1.2)
    rfusefs (1.0.3)
      rfuse (~> 1.1)

PLATFORMS
  ruby

DEPENDENCIES
  gocardless_pro
  rfusefs

BUNDLED WITH
   1.16.3
